GEM
  remote: https://rubygems.org/
  specs:
    activemodel (5.2.3)
      activesupport (= 5.2.3)
    activesupport (5.2.3)
      concurrent-ruby (~> 1.0, >= 1.0.2)
      i18n (>= 0.7, < 2)
      minitest (~> 5.1)
      tzinfo (~> 1.1)
    addressable (2.6.0)
      public_suffix (>= 2.0.2, < 4.0)
    byebug (11.0.1)
    coderay (1.1.2)
    concurrent-ruby (1.1.5)
    domain_name (0.5.20180417)
      unf (>= 0.0.5, < 1.0.0)
    dotenv (2.7.2)
    http-cookie (1.0.3)
      domain_name (~> 0.5)
    i18n (1.6.0)
      concurrent-ruby (~> 1.0)
    json (2.2.0)
    method_source (0.9.2)
    mime-types (3.2.2)
      mime-types-data (~> 3.2015)
    mime-types-data (3.2019.0331)
    minitest (5.11.3)
    netrc (0.11.0)
    oauth (0.5.4)
    pry (0.12.2)
      coderay (~> 1.1.0)
      method_source (~> 0.9.0)
    pry-byebug (3.7.0)
      byebug (~> 11.0)
      pry (~> 0.10)
    public_suffix (3.0.3)
    rest-client (2.0.2)
      http-cookie (>= 1.0.2, < 2.0)
      mime-types (>= 1.16, < 4.0)
      netrc (~> 0.8)
    ruby-trello (2.1.0)
      activemodel (>= 3.2.0)
      addressable (~> 2.3)
      json
      oauth (>= 0.4.5)
      rest-client (>= 1.8.0)
    thread_safe (0.3.6)
    tzinfo (1.2.5)
      thread_safe (~> 0.1)
    unf (0.1.4)
      unf_ext
    unf_ext (0.0.7.6)

PLATFORMS
  ruby

DEPENDENCIES
  dotenv
  pry
  pry-byebug
  ruby-trello

BUNDLED WITH
   1.17.1
